GIT
  remote: https://github.com/jfredrickson5/jekyll-toc
  revision: df7f317a9a021de735eb77014806d7b2b5de5edc
  specs:
    jekyll-toc (0.8.0.beta2)
      nokogiri (~> 1.7)

GEM
  remote: https://rubygems.org/
  specs:
    activesupport (5.0.1)
      concurrent-ruby (~> 1.0, >= 1.0.2)
      i18n (~> 0.7)
      minitest (~> 5.1)
      tzinfo (~> 1.1)
    addressable (2.5.2)
      public_suffix (>= 2.0.2, < 4.0)
    autoprefixer-rails (6.3.7)
      execjs
    colorator (1.1.0)
    colored (1.2)
    concurrent-ruby (1.0.4)
    em-websocket (0.5.1)
      eventmachine (>= 0.12.9)
      http_parser.rb (~> 0.6.0)
    eslintrb (2.1.0)
      execjs
      multi_json (>= 1.3)
      rake
    ethon (0.10.1)
      ffi (>= 1.3.0)
    eventmachine (1.2.5)
    eventmachine (1.2.5-x64-mingw32)
    execjs (2.7.0)
    ffi (1.10.0)
    ffi (1.10.0-x64-mingw32)
    forwardable-extended (2.6.0)
    hawkins (2.0.5)
      em-websocket (~> 0.5)
      jekyll (~> 3.1)
    html-proofer (3.4.0)
      activesupport (>= 4.2, < 6.0)
      addressable (~> 2.3)
      colored (~> 1.2)
      mercenary (~> 0.3.2)
      nokogiri (~> 1.5)
      parallel (~> 1.3)
      typhoeus (~> 0.7)
      yell (~> 2.0)
    htmlentities (4.3.4)
    http_parser.rb (0.6.0)
    i18n (0.8.1)
    jekyll (3.8.5)
      addressable (~> 2.4)
      colorator (~> 1.0)
      em-websocket (~> 0.5)
      i18n (~> 0.7)
      jekyll-sass-converter (~> 1.0)
      jekyll-watch (~> 2.0)
      kramdown (~> 1.14)
      liquid (~> 4.0)
      mercenary (~> 0.3.3)
      pathutil (~> 0.9)
      rouge (>= 1.7, < 4)
      safe_yaml (~> 1.0)
    jekyll-autoprefixer (1.0.1)
      autoprefixer-rails (~> 6.3.6)
    jekyll-redirect-from (0.12.1)
      jekyll (~> 3.3)
    jekyll-sass-converter (1.5.2)
      sass (~> 3.4)
    jekyll-watch (2.1.2)
      listen (~> 3.0)
    jekyll_pages_api (0.1.6)
      htmlentities (~> 4.3)
      jekyll (>= 2.0, < 4.0)
    kramdown (1.17.0)
    liquid (4.0.1)
    listen (3.1.5)
      rb-fsevent (~> 0.9, >= 0.9.4)
      rb-inotify (~> 0.9, >= 0.9.7)
      ruby_dep (~> 1.2)
    mercenary (0.3.6)
    mini_portile2 (2.4.0)
    minitest (5.10.1)
    multi_json (1.12.2)
    nokogiri (1.10.1)
      mini_portile2 (~> 2.4.0)
    nokogiri (1.10.1-x64-mingw32)
      mini_portile2 (~> 2.4.0)
    parallel (1.10.0)
    pathutil (0.16.2)
      forwardable-extended (~> 2.6)
    public_suffix (3.0.3)
    rake (12.2.1)
    rb-fsevent (0.10.3)
    rb-inotify (0.10.0)
      ffi (~> 1.0)
    rouge (3.3.0)
    ruby_dep (1.5.0)
    safe_yaml (1.0.4)
    sass (3.7.3)
      sass-listen (~> 4.0.0)
    sass-listen (4.0.0)
      rb-fsevent (~> 0.9, >= 0.9.4)
      rb-inotify (~> 0.9, >= 0.9.7)
    thread_safe (0.3.6)
    typhoeus (0.8.0)
      ethon (>= 0.8.0)
    tzinfo (1.2.2)
      thread_safe (~> 0.1)
    yell (2.0.7)

PLATFORMS
  ruby
  x64-mingw32

DEPENDENCIES
  eslintrb
  hawkins
  html-proofer
  jekyll
  jekyll-autoprefixer
  jekyll-redirect-from
  jekyll-toc!
  jekyll_pages_api
  rake

BUNDLED WITH
   1.17.2